GEM
  remote: https://rubygems.org/
  specs:
    coderay (1.1.0)
    haml (4.0.6)
      tilt
    method_source (0.8.2)
    pry (0.10.1)
      coderay (~> 1.1.0)
      method_source (~> 0.8.1)
      slop (~> 3.4)
    rrack (~> 1.6.2)
    rack-protection (~> 2.0.0)
      rack
    sinatra (1.4.5)
      rack (~> 1.4)
      rack-protection (~> 1.4)
      tilt (~> 1.3, >= 1.3.4)
    slop (3.6.0)
    tilt (1.4.1)

PLATFORMS
  ruby

DEPENDENCIES
  haml
  pry
  sinatra
